GEM
  remote: https://rubygems.org/
  specs:
    bcrypt (3.1.16)

PLATFORMS
  x86_64-linux

DEPENDENCIES
  bcrypt (= 3.1.16)

RUBY VERSION
   ruby 3.0.0p0

BUNDLED WITH
   2.2.3
