GEM
  remote: https://rubygems.org/
  specs:
    ffi (1.15.3)
    rbnacl (7.1.1)
      ffi

PLATFORMS
  arm64-darwin-20

DEPENDENCIES
  rbnacl (= 7.1.1)

RUBY VERSION
   ruby 2.7.2p137

BUNDLED WITH
   2.2.25
